GEM
  remote: https://rubygems.org/
  specs:
    bson (4.5.0)
    mongo (2.8.0)
      bson (>= 4.4.2, < 5.0.0)
    mustermann (1.0.3)
    rack (2.2.3)
    rack-protection (2.0.5)
      rack
    sinatra (2.0.5)
      mustermann (~> 1.0)
      rack (~> 2.0)
      rack-protection (= 2.0.5)
      tilt (~> 2.0)
    sinatra-flash (0.3.0)
      sinatra (>= 1.0.0)
    tilt (2.0.9)

PLATFORMS
  ruby
  x86-mingw32

DEPENDENCIES
  mongo
  sinatra
  sinatra-flash

BUNDLED WITH
   1.15.3
